GEM
  remote: https://rubygems.org/
  specs:
    dotenv (2.8.1)
    faraday (2.7.4)
      faraday-net_http (>= 2.0, < 3.1)
      ruby2_keywords (>= 0.0.4)
    faraday-net_http (3.0.2)
    ruby2_keywords (0.0.5)
    thor (1.2.1)

PLATFORMS
  arm64-darwin-21

DEPENDENCIES
  dotenv
  faraday
  thor (~> 1.2)

BUNDLED WITH
   2.4.12
