GEM
  remote: https://rubygems.org/
  specs:
    dotenv (2.7.6)
    faraday (2.0.1)
      faraday-net_http (~> 2.0)
      ruby2_keywords (>= 0.0.4)
    faraday-net_http (2.0.1)
    ruby2_keywords (0.0.5)
    thor (1.2.1)

PLATFORMS
  arm64-darwin-21
  x86_64-darwin-21

DEPENDENCIES
  dotenv
  faraday
  thor

BUNDLED WITH
   2.4.3
